GEM
  remote: https://rubygems.org/
  specs:
    eventmachine (1.2.7)
    faye-websocket (0.11.0)
      eventmachine (>= 0.12.0)
      websocket-driver (>= 0.5.1)
    websocket (1.2.9)
    websocket-driver (0.7.3)
      websocket-extensions (>= 0.1.0)
    websocket-extensions (0.1.5)

PLATFORMS
  x86_64-darwin-20

DEPENDENCIES
  eventmachine
  faye-websocket
  websocket

BUNDLED WITH
   2.2.6
